GIT
  remote: git@github.com:simplay/seamless_cloning.git
  revision: 9b04f76ca8159a76b83d416576e1a00773996f77
  specs:
    seamless_cloning (0.2.0)
      oily_png

GEM
  remote: https://rubygems.org/
  specs:
    chunky_png (1.3.10)
    oily_png (1.2.1)
      chunky_png (~> 1.3.7)

PLATFORMS
  ruby

DEPENDENCIES
  seamless_cloning!

BUNDLED WITH
   1.16.1
